GIT
  remote: https://github.com/mmz-srf/hiera-puppet-helper.git
  revision: 6f43f7a0cdba69161b70ee61f525a8579ac5069b
  specs:
    hiera-puppet-helper (2.0.1)

GEM
  remote: https://rubygems.org/
  specs:
    builder (3.2.2)
    diff-lcs (1.2.5)
    domain_name (0.5.23)
      unf (>= 0.0.5, < 1.0.0)
    excon (0.31.0)
    facter (1.7.5)
    fog (1.20.0)
      builder
      excon (~> 0.31.0)
      formatador (~> 0.2.0)
      mime-types
      multi_json (~> 1.0)
      net-scp (~> 1.1)
      net-ssh (>= 2.1.3)
      nokogiri (>= 1.5.11)
    formatador (0.2.4)
    hiera (1.3.2)
      json_pure
    highline (1.6.21)
    http-cookie (1.0.2)
      domain_name (~> 0.5)
    json (1.8.1)
    json_pure (1.8.1)
    kwalify (0.7.2)
    librarian (0.1.2)
      highline
      thor (~> 0.15)
    librarian-puppet (0.9.13)
      json
      librarian (>= 0.1.2)
      open3_backport
    metaclass (0.0.4)
    metadata-json-lint (0.0.6)
      json
      spdx-licenses (~> 1.0)
    mime-types (1.25.1)
    mocha (1.0.0)
      metaclass (~> 0.0.1)
    multi_json (1.8.4)
    net-scp (1.1.2)
      net-ssh (>= 2.6.5)
    net-ssh (2.8.0)
    netrc (0.10.3)
    nokogiri (1.5.11)
    open3_backport (0.0.3)
      open4 (~> 1.3.0)
    open4 (1.3.3)
    puppet (3.4.3)
      facter (~> 1.6)
      hiera (~> 1.0)
      rgen (~> 0.6.5)
    puppet-blacksmith (3.3.1)
      puppet (>= 2.7.16)
      rest-client
    puppet-lint (0.3.2)
    puppetlabs_spec_helper (0.4.1)
      mocha (>= 0.10.5)
      rake
      rspec (>= 2.9.0)
      rspec-puppet (>= 0.1.1)
    rake (10.1.1)
    rbvmomi (1.8.1)
      builder
      nokogiri (>= 1.4.1)
      trollop
    rest-client (1.8.0)
      http-cookie (>= 1.0.2, < 2.0)
      mime-types (>= 1.16, < 3.0)
      netrc (~> 0.7)
    rgen (0.6.6)
    rspec (2.14.1)
      rspec-core (~> 2.14.0)
      rspec-expectations (~> 2.14.0)
      rspec-mocks (~> 2.14.0)
    rspec-core (2.14.8)
    rspec-expectations (2.14.5)
      diff-lcs (>= 1.1.3, < 2.0)
    rspec-mocks (2.14.6)
    rspec-puppet (2.0.1)
      rspec
    rspec-system (2.8.0)
      fog (~> 1.18)
      kwalify (~> 0.7.2)
      mime-types (~> 1.16)
      net-scp (~> 1.1)
      net-ssh (~> 2.7)
      nokogiri (~> 1.5.10)
      rbvmomi (~> 1.6)
      rspec (~> 2.14)
      systemu (~> 2.5)
    rspec-system-puppet (2.2.1)
      rspec-system (~> 2.0)
    rspec-system-serverspec (2.0.1)
      rspec-system (~> 2.0)
      serverspec (~> 0.0)
      specinfra (~> 0.0)
    serverspec (0.15.3)
      highline
      net-ssh
      rspec (>= 2.13.0)
      specinfra (>= 0.5.8)
    spdx-licenses (1.0.0)
      json
    specinfra (0.7.0)
    systemu (2.6.3)
    thor (0.18.1)
    trollop (2.0)
    unf (0.1.4)
      unf_ext
    unf_ext (0.0.6)

PLATFORMS
  ruby

DEPENDENCIES
  hiera-puppet-helper!
  highline (< 1.7.0)
  librarian-puppet (>= 0.9.10)
  metadata-json-lint
  puppet (>= 2.7.0)
  puppet-blacksmith (~> 3.0)
  puppet-lint (>= 0.3.2)
  puppetlabs_spec_helper (>= 0.2.0)
  rake (>= 0.9.2.2)
  rspec-puppet (>= 2.0)
  rspec-system-puppet
  rspec-system-serverspec
  serverspec
